GEM
  remote: https://rubygems.org/
  specs:
    dotenv (1.0.2)
    faraday (0.9.0)
      multipart-post (>= 1.2, < 3)
    faraday_middleware (0.9.1)
      faraday (>= 0.7.4, < 0.10)
    json_pure (1.8.1)
    multipart-post (2.0.0)
    simple_oauth (0.2.0)
    vcardigan (0.0.6)
    yelp (2.0.4)
      faraday (~> 0.8, >= 0.8.0)
      faraday_middleware (~> 0.8, >= 0.8.0)
      simple_oauth (~> 0.2, >= 0.2.0, < 0.3.0)

PLATFORMS
  ruby

DEPENDENCIES
  dotenv
  json_pure
  vcardigan
  yelp
